{
    "Manufacturer": "Brand_7",
    "ManufacturersModelName": "Model_4",
    "EEGReference": "Ref_2",
    "SamplingFrequency": 128.0,
    "EEGChannelCount": 8,
    "ECGChannelCount": 0,
    "EMGChannelCount": 0,
    "EOGChannelCount": 0,
    "MISCChannelCount": 0,
    "TriggerChannelCount": 0,
    "RecordingDuration": 5.0,
    "TaskInformation": {
        "Taskinformation": {
            "Taskname": "gonogo",
            "Taskdescription": "Standard go/no-go task with 5 seconds duration",
            "Instructions": "Press button when green, hold when red"
        }
    }
}