{
    "Manufacturer": "Brain Products",
    "ManufacturersModelName": "actiCHamp Plus",
    "EEGReference": "Fz",
    "SamplingFrequency": 256.0,
    "EEGChannelCount": 8,
    "ECGChannelCount": 0,
    "EMGChannelCount": 0,
    "EOGChannelCount": 0,
    "MISCChannelCount": 0,
    "TriggerChannelCount": 0,
    "RecordingDuration": 5.0
}